GEM
  remote: https://rubygems.org/
  specs:
    coderay (1.1.0)
    erubis (2.7.0)
    method_source (0.8.2)
    mini_portile (0.6.0)
    nokogiri (1.6.2.1)
      mini_portile (= 0.6.0)
    open4 (1.3.4)
    pry (0.9.12.6)
      coderay (~> 1.0)
      method_source (~> 0.8)
      slop (~> 3.4)
    rake (10.3.2)
    rake-remote_task (2.2.1)
      open4 (~> 1.0)
      rake (>= 0.8, < 11.0)
    sass (3.3.7)
    slop (3.5.0)
    vlad (2.6.3)
      rake (>= 0.8, < 11.0)
      rake-remote_task (~> 2.1)

PLATFORMS
  ruby

DEPENDENCIES
  erubis
  nokogiri
  pry
  rake
  sass
  vlad
